PATH
  remote: .
  specs:
    tushare (0.1.0)
      awesome_print (~> 1.6.1)
      httparty (~> 0.13.3)
      nokogiri (~> 1.6.7)
      roo (~> 2.3.2)
      roo-xls (~> 1.0.0)
      table_print (~> 1.5.4)

GEM
  remote: https://rubygems.org/
  specs:
    awesome_print (1.6.1)
    diff-lcs (1.2.5)
    httparty (0.13.7)
      json (~> 1.8)
      multi_xml (>= 0.5.2)
    json (1.8.3)
    mini_portile2 (2.0.0)
    multi_xml (0.5.5)
    nokogiri (1.6.7.2)
      mini_portile2 (~> 2.0.0.rc2)
    rake (10.4.2)
    roo (2.3.2)
      nokogiri (~> 1)
      rubyzip (~> 1.1, < 2.0.0)
    roo-xls (1.0.0)
      nokogiri
      roo (>= 2.0.0beta1, < 3)
      spreadsheet (> 0.9.0)
    rspec (3.4.0)
      rspec-core (~> 3.4.0)
      rspec-expectations (~> 3.4.0)
      rspec-mocks (~> 3.4.0)
    rspec-core (3.4.1)
      rspec-support (~> 3.4.0)
    rspec-expectations (3.4.0)
      diff-lcs (>= 1.2.0, < 2.0)
      rspec-support (~> 3.4.0)
    rspec-mocks (3.4.0)
      diff-lcs (>= 1.2.0, < 2.0)
      rspec-support (~> 3.4.0)
    rspec-support (3.4.1)
    ruby-ole (1.2.11.8)
    rubyzip (1.1.7)
    spreadsheet (1.0.6)
      ruby-ole (>= 1.0)
    table_print (1.5.4)

PLATFORMS
  ruby

DEPENDENCIES
  bundler (~> 1.8)
  rake (~> 10.0)
  rspec (~> 3.4)
  tushare!
